PATH
  remote: .
  specs:
    simplecov-formatter-badge (0.1.0)

GEM
  remote: https://rubygems.org/
  specs:
    docile (1.4.0)
    minitest (5.17.0)
    rake (13.0.6)
    simplecov (0.22.0)
      docile (~> 1.1)
      simplecov-html (~> 0.11)
      simplecov_json_formatter (~> 0.1)
    simplecov-html (0.12.3)
    simplecov_json_formatter (0.1.4)

PLATFORMS
  arm64-darwin-21
  x86_64-linux

DEPENDENCIES
  minitest
  rake
  simplecov
  simplecov-formatter-badge!

BUNDLED WITH
   2.3.26
