PATH
  remote: .
  specs:
    simplecov-formatter-badge (0.1.0)

GEM
  remote: https://rubygems.org/
  specs:
    minitest (5.11.3)
    rake (12.3.3)

PLATFORMS
  ruby

DEPENDENCIES
  bundler (~> 1.16)
  minitest (~> 5.0)
  rake (~> 12.3)
  simplecov-formatter-badge!

BUNDLED WITH
   1.16.0
